GEM
  remote: https://rubygems.org/
  specs:
    backports (3.3.3)
    byebug (2.3.1)
      columnize (~> 0.3.6)
      debugger-linecache (~> 1.2.0)
    coderay (1.0.9)
    columnize (0.3.6)
    debugger-linecache (1.2.0)
    eventmachine (1.0.3)
    json (1.8.1)
    method_source (0.8.2)
    pg (0.13.2)
    pry (0.9.12.2)
      coderay (~> 1.0.5)
      method_source (~> 0.8)
      slop (~> 3.4)
    pry-byebug (1.2.0)
      byebug (~> 2.2)
      pry (~> 0.9.12)
    rack (1.5.2)
    rack-protection (1.5.0)
      rack
    rack-test (0.6.2)
      rack (>= 1.0)
    sinatra (1.4.3)
      rack (~> 1.4)
      rack-protection (~> 1.4)
      tilt (~> 1.3, >= 1.3.4)
    sinatra-contrib (1.4.0)
      backports (>= 2.0)
      eventmachine
      rack-protection
      rack-test
      sinatra (~> 1.4.2)
      tilt (~> 1.3)
    slop (3.4.6)
    tilt (1.4.1)

PLATFORMS
  ruby

DEPENDENCIES
  json
  pg
  pry
  pry-byebug
  sinatra
  sinatra-contrib
